GEM
  remote: http://gems.rubyforge.org/
  specs:
    actionpack (2.3.10)
      activesupport (= 2.3.10)
      rack (~> 1.1.0)
    activerecord (2.3.10)
      activesupport (= 2.3.10)
    activesupport (2.3.10)
    addressable (2.2.6)
    faraday (0.7.5)
      addressable (~> 2.2.6)
      multipart-post (~> 1.1.3)
      rack (>= 1.1.0, < 2)
    json (1.6.4)
    multi_json (1.0.4)
    multipart-post (1.1.4)
    mysql (2.8.1)
    rack (1.1.2)
    rake (0.8.7)
    shotgun (0.9)
      rack (>= 1.0)
    simple_oauth (0.1.5)
    sinatra (1.2.7)
      rack (~> 1.1)
      tilt (>= 1.2.2, < 2.0)
    tilt (1.3.3)
    twitter (2.0.2)
      activesupport (>= 2.3.9, < 4)
      faraday (~> 0.7)
      multi_json (~> 1.0)
      simple_oauth (~> 0.1)

PLATFORMS
  ruby

DEPENDENCIES
  actionpack (= 2.3.10)
  activerecord (= 2.3.10)
  json
  mysql (= 2.8.1)
  rake (= 0.8.7)
  shotgun
  sinatra
  twitter
